PATH
  remote: ../
  specs:
    rack-session-dbm (0.1.2)
      rack (>= 1.1.0)

GEM
  remote: http://rubygems.org/
  specs:
    haml (3.1.2)
    rack (1.3.2)
    rack-flash (0.1.2)
      rack
    sinatra (1.2.6)
      rack (~> 1.1)
      tilt (< 2.0, >= 1.2.2)
    tilt (1.3.2)

PLATFORMS
  ruby

DEPENDENCIES
  haml
  rack-flash
  rack-session-dbm!
  sinatra
